GEM
  remote: http://rubygems.org/
  specs:
    awesome_print (1.2.0)
    colored (1.2)
    json (1.8.1)
    terminal-table (1.4.5)

PLATFORMS
  ruby

DEPENDENCIES
  awesome_print
  colored
  json
  terminal-table
